GEM
  remote: https://rubygems.org/
  specs:
    iron_cache (1.4.2)
      iron_core (>= 0.5.1)
    iron_core (1.0.4)
      rest (>= 2.6.4)
    mime-types (2.3)
    net-http-persistent (2.9.4)
    netrc (0.7.7)
    rack (1.5.2)
    rack-protection (1.5.3)
      rack
    rest (2.7.1)
      net-http-persistent (>= 2.9.1)
      rest_client (>= 1.7.1)
    rest-client (1.7.2)
      mime-types (>= 1.16, < 3.0)
      netrc (~> 0.7)
    rest_client (1.7.3)
      netrc (~> 0.7.7)
    sendgrid-ruby (0.0.3)
      rest-client
      smtpapi
    sinatra (1.4.5)
      rack (~> 1.4)
      rack-protection (~> 1.4)
      tilt (~> 1.3, >= 1.3.4)
    smtpapi (0.0.3)
    tilt (1.4.1)

PLATFORMS
  ruby

DEPENDENCIES
  iron_cache
  sendgrid-ruby
  sinatra
