GEM
  remote: https://rubygems.org/
  specs:
    addressable (2.3.6)
    httparty (0.13.3)
      json (~> 1.8)
      multi_xml (>= 0.5.2)
    iron_cache (1.4.2)
      iron_core (>= 0.5.1)
    iron_core (1.0.12)
      rest (>= 3.0.8)
    json (1.8.1)
    mime-types (2.3)
    multi_xml (0.5.5)
    net-http-persistent (2.9.4)
    netrc (0.11.0)
    rack (1.6.13)
    rack-protection (1.5.5)
      rack
    rest (3.0.8)
      net-http-persistent (>= 2.9.1, < 3)
      netrc
    rest-client (1.7.2)
      mime-types (>= 1.16, < 3.0)
      netrc (~> 0.7)
    sendgrid-ruby (0.0.3)
      rest-client
      smtpapi
    sinatra (1.4.5)
      rack (~> 1.4)
      rack-protection (~> 1.4)
      tilt (~> 1.3, >= 1.3.4)
    smtpapi (0.0.3)
    tilt (1.4.1)
    wunderground (1.2.0)
      addressable
      httparty (> 0.6.0)
      json (> 1.4.0)

PLATFORMS
  ruby

DEPENDENCIES
  iron_cache
  sendgrid-ruby
  sinatra
  wunderground
